GEM
  remote: https://rubygems.org/
  specs:
    haml (6.0.1)
      temple (>= 0.8.2)
      thor
      tilt
    temple (0.8.2)
    thor (1.2.1)
    tilt (2.0.11)

PLATFORMS
  ruby

DEPENDENCIES
  haml (= 6.0.1)

BUNDLED WITH
   2.1.4
